PATH
  remote: .
  specs:
    replicate-api (0.1.2)
      faraday (~> 2.7.1)

GEM
  remote: https://rubygems.org/
  specs:
    diff-lcs (1.5.0)
    faraday (2.7.1)
      faraday-net_http (>= 2.0, < 3.1)
      ruby2_keywords (>= 0.0.4)
    faraday-net_http (3.0.2)
    rake (13.0.6)
    rspec (3.12.0)
      rspec-core (~> 3.12.0)
      rspec-expectations (~> 3.12.0)
      rspec-mocks (~> 3.12.0)
    rspec-core (3.12.0)
      rspec-support (~> 3.12.0)
    rspec-expectations (3.12.0)
      diff-lcs (>= 1.2.0, < 2.0)
      rspec-support (~> 3.12.0)
    rspec-mocks (3.12.0)
      diff-lcs (>= 1.2.0, < 2.0)
      rspec-support (~> 3.12.0)
    rspec-support (3.12.0)
    ruby2_keywords (0.0.5)

PLATFORMS
  arm64-darwin-21

DEPENDENCIES
  rake (~> 13.0)
  replicate-api!
  rspec (~> 3.0)

BUNDLED WITH
   2.3.7
